GEM
  remote: https://rubygems.org/
  specs:
    puma (2.11.3)
      rack (>= 1.1, < 2.0)
    rack (1.6.4)

PLATFORMS
  ruby

DEPENDENCIES
  puma

BUNDLED WITH
   1.10.4
